GEM
  specs:
    coderay (1.1.3)
    method_source (1.0.0)
    pry (0.14.1)
      coderay (~> 1.1)
      method_source (~> 1.0)
    rmagick (4.3.0)

PLATFORMS
  arm64-darwin-21

DEPENDENCIES
  pry (~> 0.14.1)
  rmagick (~> 4.3)

BUNDLED WITH
   2.3.15
